GEM
  remote: http://rubygems.org/
  specs:
    addressable (2.2.7)
    diff-lcs (1.1.3)
    faraday (0.7.6)
      addressable (~> 2.2)
      multipart-post (~> 1.1)
      rack (~> 1.1)
    faraday_middleware (0.8.7)
      faraday (>= 0.7.4, < 0.9)
    foursquare2 (1.3.6)
      faraday (>= 0.6, < 0.8)
      faraday_middleware (>= 0.8)
      hashie (~> 1.0)
    hashie (1.2.0)
    httpauth (0.1)
    json (1.6.6)
    mini_portile2 (2.8.0)
    multi_json (1.3.2)
    multipart-post (1.1.5)
    nokogiri (1.13.4)
      mini_portile2 (~> 2.8.0)
      racc (~> 1.4)
    oauth2 (0.6.1)
      faraday (~> 0.7)
      httpauth (~> 0.1)
      multi_json (~> 1.3)
    racc (1.6.0)
    rack (1.4.1)
    rack-protection (1.2.0)
      rack
    rack-test (0.6.1)
      rack (>= 1.0)
    redis (2.2.2)
    rspec (2.9.0)
      rspec-core (~> 2.9.0)
      rspec-expectations (~> 2.9.0)
      rspec-mocks (~> 2.9.0)
    rspec-core (2.9.0)
    rspec-expectations (2.9.1)
      diff-lcs (~> 1.1.3)
    rspec-mocks (2.9.0)
    sinatra (1.3.2)
      rack (~> 1.3, >= 1.3.6)
      rack-protection (~> 1.2)
      tilt (~> 1.3, >= 1.3.3)
    tilt (1.3.3)
    tzinfo (0.3.33)
    webmock (1.2.2)
      addressable (>= 2.1.1)

PLATFORMS
  ruby

DEPENDENCIES
  foursquare2 (~> 1.3.6)
  json (~> 1.6.6)
  nokogiri
  oauth2
  rack-test
  redis
  rspec
  sinatra
  tzinfo
  webmock (~> 1.2.2)
