GEM
  remote: http://rubygems.org/
  specs:
    addressable (2.8.0)
      public_suffix (>= 2.0.2, < 5.0)
    diff-lcs (1.1.3)
    faraday (0.8.0.rc2)
      multipart-post (~> 1.1)
    faraday_middleware (0.8.7)
      faraday (>= 0.7.4, < 0.9)
    foursquare2 (1.3.6)
      faraday (>= 0.6, < 0.8)
      faraday_middleware (>= 0.8)
      hashie (~> 1.0)
    hashie (1.2.0)
    httpauth (0.1)
    json (1.6.6)
    multi_json (1.3.2)
    multipart-post (1.2.0)
    mustermann (1.1.1)
      ruby2_keywords (~> 0.0.1)
    nokogiri (1.5.2)
    oauth2 (0.6.1)
      faraday (~> 0.7)
      httpauth (~> 0.1)
      multi_json (~> 1.3)
    public_suffix (4.0.7)
    rack (2.2.3)
    rack-protection (2.2.0)
      rack
    rack-test (0.6.1)
      rack (>= 1.0)
    redis (2.2.2)
    rspec (2.9.0)
      rspec-core (~> 2.9.0)
      rspec-expectations (~> 2.9.0)
      rspec-mocks (~> 2.9.0)
    rspec-core (2.9.0)
    rspec-expectations (2.9.1)
      diff-lcs (~> 1.1.3)
    rspec-mocks (2.9.0)
    ruby2_keywords (0.0.5)
    sinatra (2.2.0)
      mustermann (~> 1.0)
      rack (~> 2.2)
      rack-protection (= 2.2.0)
      tilt (~> 2.0)
    tilt (2.0.10)
    tzinfo (0.3.33)
    webmock (1.2.2)
      addressable (>= 2.1.1)

PLATFORMS
  ruby

DEPENDENCIES
  foursquare2 (~> 1.3.6)
  json (~> 1.6.6)
  nokogiri
  oauth2
  rack-test
  redis
  rspec
  sinatra
  tzinfo
  webmock (~> 1.2.2)
